GEM
  remote: https://rubygems.org/
  specs:
    builder (3.2.2)
    httparty (0.13.7)
      json (~> 1.8)
      multi_xml (>= 0.5.2)
    ims-lti (1.0.2)
      builder
      oauth (~> 0.4.5)
      uuid
    json (1.8.3)
    macaddr (1.7.1)
      systemu (~> 2.6.2)
    multi_xml (0.5.5)
    oauth (0.4.7)
    rack (1.6.4)
    rack-protection (1.5.3)
      rack
    shotgun (0.9.1)
      rack (>= 1.0)
    sinatra (1.4.7)
      rack (~> 1.5)
      rack-protection (~> 1.4)
      tilt (>= 1.3, < 3)
    systemu (2.6.5)
    tilt (2.0.2)
    uuid (2.3.8)
      macaddr (~> 1.0)

PLATFORMS
  ruby

DEPENDENCIES
  httparty
  ims-lti (~> 1.0.2)
  shotgun
  sinatra
